GEM
  remote: https://rubygems.org/
  specs:
    coderay (1.1.3)
    method_source (1.0.0)
    mustache (1.1.1)
    pry (0.14.1)
      coderay (~> 1.1)
      method_source (~> 1.0)
    sorbet (0.5.10461)
      sorbet-static (= 0.5.10461)
    sorbet-runtime (0.5.10148)
    sorbet-static (0.5.10461-x86_64-linux)

PLATFORMS
  x86_64-linux

DEPENDENCIES
  mustache
  pry
  sorbet
  sorbet-runtime

BUNDLED WITH
   2.2.22
